GEM
  remote: https://rubygems.org/
  specs:
    activesupport (4.2.3)
      i18n (~> 0.7)
      json (~> 1.7, >= 1.7.7)
      minitest (~> 5.1)
      thread_safe (~> 0.3, >= 0.3.4)
      tzinfo (~> 1.1)
    amq-protocol (1.9.2)
    backports (3.6.4)
    bson (3.1.1)
    bunny (1.7.0)
      amq-protocol (>= 1.9.2)
    clockwork (1.2.0)
      activesupport
      tzinfo
    connection_pool (2.2.0)
    geoip (1.6.1)
    hashids (1.0.2)
    i18n (0.7.0)
    json (1.8.3)
    minitest (5.7.0)
    moped (2.0.6)
      bson (~> 3.0)
      connection_pool (~> 2.0)
      optionable (~> 0.2.0)
    multi_json (1.11.1)
    newrelic_rpm (3.12.0.288)
    optionable (0.2.0)
    puma (2.11.3)
      rack (>= 1.1, < 2.0)
    rack (1.6.4)
    rack-protection (1.5.3)
      rack
    rack-test (0.6.3)
      rack (>= 1.0)
    redis (3.2.1)
    sinatra (1.4.6)
      rack (~> 1.4)
      rack-protection (~> 1.4)
      tilt (>= 1.3, < 3)
    sinatra-contrib (1.4.4)
      backports (>= 2.0)
      multi_json
      rack-protection
      rack-test
      sinatra (~> 1.4.0)
      tilt (>= 1.3, < 3)
    sinatra-subdomain (0.1.2)
      sinatra
    slim (3.0.6)
      temple (~> 0.7.3)
      tilt (>= 1.3.3, < 2.1)
    temple (0.7.6)
    thread_safe (0.3.5)
    tilt (2.0.1)
    tzinfo (1.2.2)
      thread_safe (~> 0.1)
    useragent (0.14.0)

PLATFORMS
  ruby

DEPENDENCIES
  bunny
  clockwork
  geoip
  hashids
  moped
  newrelic_rpm
  puma
  redis
  sinatra
  sinatra-contrib
  sinatra-subdomain
  slim
  useragent
