GEM
  remote: https://rubygems.org/
  specs:
    bson (3.0.3)
    haml (4.0.6)
      tilt
    mongo (2.0.4)
      bson (~> 3.0)
    rack (1.5.2)
    rack-protection (1.5.3)
      rack
    sinatra (1.4.6)
      rack (~> 1.4)
      rack-protection (~> 1.4)
      tilt (>= 1.3, < 3)
    tilt (1.4.1)

PLATFORMS
  ruby

DEPENDENCIES
  haml
  mongo
  sinatra
